GEM
  remote: http://rubygems.org/
  specs:
    haml (3.1.4)
    json (1.6.5)
    mime-types (1.17.2)
    oauth (0.4.5)
    pg (0.12.2)
    rack (1.4.1)
    rack-protection (1.2.0)
      rack
    rdiscount (1.6.8)
    sass (3.1.14)
    sequel (3.32.0)
    sinatra (1.3.2)
      rack (~> 1.3, >= 1.3.6)
      rack-protection (~> 1.2)
      tilt (~> 1.3, >= 1.3.3)
    tilt (1.3.3)
    twitter_oauth (0.4.3)
      json (>= 1.1.9)
      mime-types (>= 1.16)
      oauth (>= 0.4.1)

PLATFORMS
  ruby

DEPENDENCIES
  haml
  pg
  rdiscount
  sass
  sequel
  sinatra
  twitter_oauth
